GIT
  remote: git://github.com/Compass/compass-rails.git
  revision: 17414438f601d695225ba9c55f259d2ec557942c
  specs:
    compass-rails (3.0.2)
      compass (~> 1.0.0)
      sass-rails (< 5.1)
      sprockets (< 4.0)

GIT
  remote: git://github.com/collectiveidea/awesome_nested_set.git
  revision: 2552d4c33d8ffea77fdbede93a0ee5223075648b
  branch: master
  specs:
    awesome_nested_set (3.1.4)
      activerecord (>= 4.0.0, < 5.3)

GIT
  remote: git://github.com/james2m/seedbank.git
  revision: 8ee8bfb65cd1efd0681a03e64cea52df6eecce1a
  specs:
    seedbank (0.5.0.pre)
      rake (>= 10.0)

PATH
  remote: X_GEMS/EASTFLOWER/eastflower_ru_view
  specs:
    app_view_engine (0.1.0)

PATH
  remote: X_GEMS/RAILS_BLOG
  specs:
    rails_blog (0.1.0)

PATH
  remote: X_GEMS/RAILS_SHOP
  specs:
    rails_shop (0.0.1)
      awesome_nested_set
      config
      log_js
      notifications
      pagination
      protozaur
      protozaur_theme
      ptz_tabs
      role_slim_js
      simple_sort
      slim
      the_string_addon
      to_slug_param

PATH
  remote: X_GEMS/USER_ROOM
  specs:
    user_room (0.1.0)
      config
      crop_tool
      devise
      image_tools
      log_js
      mini_magick
      notifications
      omniauth-facebook
      omniauth-google-oauth2
      omniauth-odnoklassniki
      omniauth-twitter
      omniauth-vkontakte
      pagination
      paperclip
      premailer-rails
      protozaur
      protozaur_theme
      role_slim_js
      simple_sort
      slim
      to_slug_param

PATH
  remote: X_GEMS/X_COMMENTS/the_comments_antispam_services
  specs:
    the_comments_antispam_services (0.0.1)
      activejob (~> 4.2.0)
      the_comments_base
      the_viking (~> 1.0.0)
      yandex_cleanweb (~> 0.0.6)

PATH
  remote: X_GEMS/X_COMMENTS/the_comments_base
  specs:
    the_comments_base (0.0.1)
      awesome_nested_set
      notifications
      slim
      the_sortable_tree (~> 2.5.0)

PATH
  remote: X_GEMS/X_COMMENTS/the_comments_manager
  specs:
    the_comments_manager (0.0.1)
      jbuilder
      kaminari
      notifications
      simple_sort
      slim

PATH
  remote: X_GEMS/X_COMMENTS/the_comments_subscriptions
  specs:
    the_comments_subscriptions (0.0.1)
      activejob (~> 4.2.0)
      the_comments_base

PATH
  remote: X_GEMS/gem/attached_images
  specs:
    attached_images (0.1.0)
      image_tools
      log_js
      paperclip
      slim
      the_sortable_tree
      to_slug_param

PATH
  remote: X_GEMS/gem/components
  specs:
    components (0.1.0)

PATH
  remote: X_GEMS/gem/crop_tool
  specs:
    crop_tool (0.0.1)
      image_tools

PATH
  remote: X_GEMS/gem/db_bootstrap
  specs:
    db_bootstrap (0.1.0)

PATH
  remote: X_GEMS/gem/friendly_id_pack
  specs:
    friendly_id_pack (0.0.1)
      to_slug_param

PATH
  remote: X_GEMS/gem/has_meta_data
  specs:
    has_meta_data (0.1.0)

PATH
  remote: X_GEMS/gem/image_tools
  specs:
    image_tools (0.0.1)
      mini_magick

PATH
  remote: X_GEMS/gem/jody
  specs:
    jody (0.0.1)

PATH
  remote: X_GEMS/gem/jsvoid
  specs:
    jsvoid (0.1.0)

PATH
  remote: X_GEMS/gem/log_js
  specs:
    log_js (0.0.2)
      coffee-rails

PATH
  remote: X_GEMS/gem/notifications
  specs:
    notifications (0.5.1)
      slim

PATH
  remote: X_GEMS/gem/pagination
  specs:
    pagination (0.0.1)
      kaminari

PATH
  remote: X_GEMS/gem/protozaur_theme
  specs:
    protozaur_theme (0.1.0)

PATH
  remote: X_GEMS/gem/protozaur
  specs:
    protozaur (1.1.0)

PATH
  remote: X_GEMS/gem/ptz_tabs
  specs:
    ptz_tabs (0.1.0)

PATH
  remote: X_GEMS/gem/role_slim_js
  specs:
    role_slim_js (0.0.1)

PATH
  remote: X_GEMS/gem/simple_sort
  specs:
    simple_sort (0.0.2)

PATH
  remote: X_GEMS/gem/the_sortable_tree
  specs:
    the_sortable_tree (2.5.0)
      rails (>= 3.1)

PATH
  remote: X_GEMS/gem/the_storages
  specs:
    the_storages (0.0.2)
      haml
      image_tools
      log_js
      paperclip
      slim
      the_sortable_tree
      to_slug_param

PATH
  remote: X_GEMS/gem/the_string_addon
  specs:
    the_string_addon (0.0.1)
      pygments.rb
      rails
      rails_autolink
      redcarpet
      sanitize

PATH
  remote: X_GEMS/gem/to_slug_param
  specs:
    to_slug_param (1.2)
      rails-i18n (~> 4.0.0.pre)
      stringex (~> 2.5.2)

PATH
  remote: X_GEMS/gem/voiceless
  specs:
    voiceless (0.1.0)
      colorize

GEM
  remote: https://rubygems.org/
  specs:
    actionmailer (4.2.11.1)
      actionpack (= 4.2.11.1)
      actionview (= 4.2.11.1)
      activejob (= 4.2.11.1)
      mail (~> 2.5, >= 2.5.4)
      rails-dom-testing (~> 1.0, >= 1.0.5)
    actionpack (4.2.11.1)
      actionview (= 4.2.11.1)
      activesupport (= 4.2.11.1)
      rack (~> 1.6)
      rack-test (~> 0.6.2)
      rails-dom-testing (~> 1.0, >= 1.0.5)
      rails-html-sanitizer (~> 1.0, >= 1.0.2)
    actionview (4.2.11.1)
      activesupport (= 4.2.11.1)
      builder (~> 3.1)
      erubis (~> 2.7.0)
      rails-dom-testing (~> 1.0, >= 1.0.5)
      rails-html-sanitizer (~> 1.0, >= 1.0.3)
    actionview-encoded_mail_to (1.0.9)
      rails
    activejob (4.2.11.1)
      activesupport (= 4.2.11.1)
      globalid (>= 0.3.0)
    activemodel (4.2.11.1)
      activesupport (= 4.2.11.1)
      builder (~> 3.1)
    activerecord (4.2.11.1)
      activemodel (= 4.2.11.1)
      activesupport (= 4.2.11.1)
      arel (~> 6.0)
    activesupport (4.2.11.1)
      i18n (~> 0.7)
      minitest (~> 5.1)
      thread_safe (~> 0.3, >= 0.3.4)
      tzinfo (~> 1.1)
    acts-as-taggable-on (3.5.0)
      activerecord (>= 3.2, < 5)
    addressable (2.5.2)
      public_suffix (>= 2.0.2, < 4.0)
    arel (6.0.4)
    autoprefixer-rails (8.2.0)
      execjs
    bcrypt (3.1.11)
    better_errors (2.4.0)
      coderay (>= 1.0.0)
      erubi (>= 1.0.0)
      rack (>= 0.9.0)
    binding_of_caller (0.8.0)
      debug_inspector (>= 0.0.1)
    builder (3.2.3)
    byebug (10.0.1)
    chronic (0.10.2)
    chunky_png (1.3.10)
    climate_control (0.2.0)
    coderay (1.1.2)
    coffee-rails (4.1.1)
      coffee-script (>= 2.2.0)
      railties (>= 4.0.0, < 5.1.x)
    coffee-script (2.4.1)
      coffee-script-source
      execjs
    coffee-script-source (1.12.2)
    colorize (0.8.1)
    compass (1.0.3)
      chunky_png (~> 1.2)
      compass-core (~> 1.0.2)
      compass-import-once (~> 1.0.5)
      rb-fsevent (>= 0.9.3)
      rb-inotify (>= 0.9)
      sass (>= 3.3.13, < 3.5)
    compass-core (1.0.3)
      multi_json (~> 1.0)
      sass (>= 3.3.0, < 3.5)
    compass-import-once (1.0.5)
      sass (>= 3.2, < 3.5)
    concurrent-ruby (1.1.5)
    config (1.0.0)
      activesupport (>= 3.0)
      deep_merge (~> 1.0.0)
    connection_pool (2.2.1)
    crass (1.0.4)
    css_parser (1.6.0)
      addressable
    daemons (1.2.6)
    debug_inspector (0.0.3)
    deep_merge (1.0.1)
    devise (4.4.3)
      bcrypt (~> 3.0)
      orm_adapter (~> 0.1)
      railties (>= 4.1.0, < 6.0)
      responders
      warden (~> 1.2.3)
    erubi (1.7.1)
    erubis (2.7.0)
    eventmachine (1.0.9.1)
    exception_notification (4.2.2)
      actionmailer (>= 4.0, < 6)
      activesupport (>= 4.0, < 6)
    execjs (2.7.0)
    faraday (0.9.2)
      multipart-post (>= 1.2, < 3)
    ffaker (2.8.1)
    ffi (1.9.23)
    gibbon (3.2.0)
      faraday (>= 0.9.1)
      multi_json (>= 1.11.0)
    globalid (0.4.2)
      activesupport (>= 4.2.0)
    haml (5.0.4)
      temple (>= 0.8.0)
      tilt
    hashie (3.5.7)
    htmlentities (4.3.4)
    i18n (0.9.5)
      concurrent-ruby (~> 1.0)
    innertube (1.1.0)
    jbuilder (2.7.0)
      activesupport (>= 4.2.0)
      multi_json (>= 1.2)
    joiner (0.3.4)
      activerecord (>= 4.1.0)
    jquery-rails (4.3.1)
      rails-dom-testing (>= 1, < 3)
      railties (>= 4.2.0)
      thor (>= 0.14, < 2.0)
    jquery-ui-rails (5.0.5)
      railties (>= 3.2.16)
    jwt (1.5.6)
    kaminari (1.1.1)
      activesupport (>= 4.1.0)
      kaminari-actionview (= 1.1.1)
      kaminari-activerecord (= 1.1.1)
      kaminari-core (= 1.1.1)
    kaminari-actionview (1.1.1)
      actionview
      kaminari-core (= 1.1.1)
    kaminari-activerecord (1.1.1)
      activerecord
      kaminari-core (= 1.1.1)
    kaminari-core (1.1.1)
    launchy (2.4.3)
      addressable (~> 2.3)
    letter_opener (1.6.0)
      launchy (~> 2.2)
    loofah (2.2.3)
      crass (~> 1.0.2)
      nokogiri (>= 1.5.9)
    mail (2.7.1)
      mini_mime (>= 0.1.1)
    mailcatcher (0.6.5)
      eventmachine (= 1.0.9.1)
      mail (~> 2.3)
      rack (~> 1.5)
      sinatra (~> 1.2)
      skinny (~> 0.2.3)
      sqlite3 (~> 1.3)
      thin (~> 1.5.0)
    method_source (0.9.0)
    middleware (0.1.0)
    mime-types (3.1)
      mime-types-data (~> 3.2015)
    mime-types-data (3.2016.0521)
    mimemagic (0.3.2)
    mini_magick (4.8.0)
    mini_mime (1.0.1)
    mini_portile2 (2.3.0)
    minitest (5.11.3)
    multi_json (1.13.1)
    multi_xml (0.6.0)
    multipart-post (2.0.0)
    mysql2 (0.5.2)
    newrelic_rpm (4.8.0.341)
    nokogiri (1.8.5)
      mini_portile2 (~> 2.3.0)
    nokogumbo (1.5.0)
      nokogiri
    oauth (0.5.4)
    oauth2 (1.4.0)
      faraday (>= 0.8, < 0.13)
      jwt (~> 1.0)
      multi_json (~> 1.3)
      multi_xml (~> 0.5)
      rack (>= 1.2, < 3)
    oj (3.5.0)
    omniauth (1.2.2)
      hashie (>= 1.2, < 4)
      rack (~> 1.0)
    omniauth-facebook (2.0.0)
      omniauth-oauth2 (~> 1.2)
    omniauth-google-oauth2 (0.2.5)
      omniauth (> 1.0)
      omniauth-oauth2 (~> 1.1)
    omniauth-oauth (1.0.1)
      oauth
      omniauth (~> 1.0)
    omniauth-oauth2 (1.2.0)
      faraday (>= 0.8, < 0.10)
      multi_json (~> 1.3)
      oauth2 (~> 1.0)
      omniauth (~> 1.2)
    omniauth-odnoklassniki (0.0.4)
      omniauth (~> 1.0)
      omniauth-oauth2 (~> 1.0)
    omniauth-twitter (1.0.1)
      multi_json (~> 1.3)
      omniauth-oauth (~> 1.0)
    omniauth-vkontakte (1.3.2)
      multi_json
      omniauth (~> 1.0)
      omniauth-oauth2 (~> 1.1)
    orm_adapter (0.5.0)
    paperclip (6.0.0)
      activemodel (>= 4.2.0)
      activesupport (>= 4.2.0)
      mime-types
      mimemagic (~> 0.3.0)
      terrapin (~> 0.6.0)
    pg (0.18.0)
    pg_search (2.1.2)
      activerecord (>= 4.2)
      activesupport (>= 4.2)
      arel (>= 6)
    premailer (1.11.1)
      addressable
      css_parser (>= 1.6.0)
      htmlentities (>= 4.0.0)
    premailer-rails (1.10.2)
      actionmailer (>= 3, < 6)
      premailer (~> 1.7, >= 1.7.9)
    pry (0.11.3)
      coderay (~> 1.1.0)
      method_source (~> 0.9.0)
    pry-byebug (3.6.0)
      byebug (~> 10.0)
      pry (~> 0.10)
    public_suffix (3.0.2)
    puma (3.11.3)
    pygments.rb (1.2.1)
      multi_json (>= 1.0.0)
    quiet_assets (1.1.0)
      railties (>= 3.1, < 5.0)
    rack (1.6.11)
    rack-protection (1.5.5)
      rack
    rack-test (0.6.3)
      rack (>= 1.0)
    rails (4.2.11.1)
      actionmailer (= 4.2.11.1)
      actionpack (= 4.2.11.1)
      actionview (= 4.2.11.1)
      activejob (= 4.2.11.1)
      activemodel (= 4.2.11.1)
      activerecord (= 4.2.11.1)
      activesupport (= 4.2.11.1)
      bundler (>= 1.3.0, < 2.0)
      railties (= 4.2.11.1)
      sprockets-rails
    rails-deprecated_sanitizer (1.0.3)
      activesupport (>= 4.2.0.alpha)
    rails-dom-testing (1.0.9)
      activesupport (>= 4.2.0, < 5.0)
      nokogiri (~> 1.6)
      rails-deprecated_sanitizer (>= 1.0.1)
    rails-html-sanitizer (1.0.4)
      loofah (~> 2.2, >= 2.2.2)
    rails-i18n (4.0.9)
      i18n (~> 0.7)
      railties (~> 4.0)
    rails_autolink (1.1.6)
      rails (> 3.1)
    railties (4.2.11.1)
      actionpack (= 4.2.11.1)
      activesupport (= 4.2.11.1)
      rake (>= 0.8.7)
      thor (>= 0.18.1, < 2.0)
    rake (12.3.2)
    rb-fsevent (0.10.3)
    rb-inotify (0.9.10)
      ffi (>= 0.5.0, < 2)
    redcarpet (3.4.0)
    redis (4.0.1)
    redis-namespace (1.6.0)
      redis (>= 3.0.4)
    responders (2.4.0)
      actionpack (>= 4.2.0, < 5.3)
      railties (>= 4.2.0, < 5.3)
    riddle (2.3.0)
    rollbar (2.15.5)
      multi_json
    sanitize (4.6.4)
      crass (~> 1.0.2)
      nokogiri (>= 1.4.4)
      nokogumbo (~> 1.4)
    sass (3.4.25)
    sass-rails (5.0.7)
      railties (>= 4.0.0, < 6)
      sass (~> 3.1)
      sprockets (>= 2.8, < 4.0)
      sprockets-rails (>= 2.0, < 4.0)
      tilt (>= 1.1, < 3)
    sidekiq (5.1.1)
      concurrent-ruby (~> 1.0)
      connection_pool (~> 2.2, >= 2.2.0)
      rack-protection (>= 1.5.0)
      redis (>= 3.3.5, < 5)
    sidekiq-limit_fetch (3.4.0)
      sidekiq (>= 4)
    sinatra (1.4.8)
      rack (~> 1.5)
      rack-protection (~> 1.4)
      tilt (>= 1.3, < 3)
    skinny (0.2.4)
      eventmachine (~> 1.0.0)
      thin (>= 1.5, < 1.7)
    slim (3.0.9)
      temple (>= 0.7.6, < 0.9)
      tilt (>= 1.3.3, < 2.1)
    slim-rails (3.1.3)
      actionpack (>= 3.1)
      railties (>= 3.1)
      slim (~> 3.0)
    spring (2.0.2)
      activesupport (>= 4.2)
    sprockets (3.7.2)
      concurrent-ruby (~> 1.0)
      rack (> 1, < 3)
    sprockets-rails (3.2.1)
      actionpack (>= 4.0)
      activesupport (>= 4.0)
      sprockets (>= 3.0.0)
    sqlite3 (1.3.13)
    stringex (2.5.2)
    temple (0.8.0)
    terrapin (0.6.0)
      climate_control (>= 0.0.3, < 1.0)
    the_viking (1.0.0)
    thin (1.5.1)
      daemons (>= 1.0.9)
      eventmachine (>= 0.12.6)
      rack (>= 1.0.0)
    thinking-sphinx (3.4.2)
      activerecord (>= 3.1.0)
      builder (>= 2.1.2)
      innertube (>= 1.0.2)
      joiner (>= 0.2.0)
      middleware (>= 0.1.0)
      riddle (>= 2.0.0)
    thor (0.20.3)
    thread_safe (0.3.6)
    tilt (2.0.8)
    truncato (0.7.10)
      htmlentities (~> 4.3.1)
      nokogiri (~> 1.8.0, >= 1.7.0)
    turbolinks (5.1.0)
      turbolinks-source (~> 5.1)
    turbolinks-source (5.1.0)
    tzinfo (1.2.5)
      thread_safe (~> 0.1)
    uglifier (4.1.8)
      execjs (>= 0.3.0, < 3)
    warden (1.2.7)
      rack (>= 1.0)
    web-console (2.3.0)
      activemodel (>= 4.0)
      binding_of_caller (>= 0.7.2)
      railties (>= 4.0)
      sprockets-rails (>= 2.0, < 4.0)
    whenever (0.10.0)
      chronic (>= 0.6.3)
    yandex_cleanweb (0.0.7)
      nokogiri

PLATFORMS
  ruby

DEPENDENCIES
  actionview (>= 4.2.11.1)
  actionview-encoded_mail_to
  acts-as-taggable-on (~> 3.5)
  app_view_engine!
  attached_images!
  autoprefixer-rails
  awesome_nested_set!
  better_errors
  binding_of_caller
  byebug
  coffee-rails (~> 4.1.0)
  compass-rails!
  components!
  config (= 1.0.0)
  crop_tool!
  db_bootstrap!
  exception_notification
  ffaker
  friendly_id_pack!
  gibbon
  has_meta_data!
  image_tools!
  jbuilder (~> 2.0)
  jody!
  jquery-rails
  jquery-ui-rails (= 5.0.5)
  jsvoid!
  letter_opener
  log_js!
  mailcatcher
  mysql2 (= 0.5.2)
  newrelic_rpm
  notifications!
  oj
  omniauth (= 1.2.2)
  omniauth-facebook (= 2.0.0)
  omniauth-google-oauth2 (= 0.2.5)
  omniauth-oauth (= 1.0.1)
  omniauth-oauth2 (= 1.2.0)
  omniauth-odnoklassniki (= 0.0.4)
  omniauth-twitter (= 1.0.1)
  omniauth-vkontakte (= 1.3.2)
  pagination!
  pg (= 0.18)
  pg_search
  protozaur!
  protozaur_theme!
  pry
  pry-byebug
  ptz_tabs!
  puma
  quiet_assets
  rails
  rails_blog!
  rails_shop!
  redis-namespace
  role_slim_js!
  rollbar
  sass-rails
  seedbank!
  sidekiq
  sidekiq-limit_fetch
  simple_sort!
  sinatra
  slim-rails
  spring
  sprockets (>= 3.7.2)
  the_comments_antispam_services!
  the_comments_base!
  the_comments_manager!
  the_comments_subscriptions!
  the_sortable_tree!
  the_storages!
  the_string_addon!
  thinking-sphinx (~> 3.1, >= 3.1.4)
  to_slug_param!
  truncato
  turbolinks
  uglifier (>= 1.3.0)
  user_room!
  voiceless!
  web-console (~> 2.0)
  whenever

BUNDLED WITH
   1.17.3
